GEM
  remote: https://rubygems.org/
  specs:
    activemodel (5.0.1)
      activesupport (= 5.0.1)
    activerecord (5.0.1)
      activemodel (= 5.0.1)
      activesupport (= 5.0.1)
      arel (~> 7.0)
    activesupport (5.0.1)
      concurrent-ruby (~> 1.0, >= 1.0.2)
      i18n (~> 0.7)
      minitest (~> 5.1)
      tzinfo (~> 1.1)
    arel (7.1.4)
    byebug (9.0.6)
    concurrent-ruby (1.0.4)
    database_cleaner (1.5.3)
    diff-lcs (1.3)
    domain_name (0.5.20161129)
      unf (>= 0.0.5, < 1.0.0)
    factory_girl (4.8.0)
      activesupport (>= 3.0.0)
    http-cookie (1.0.3)
      domain_name (~> 0.5)
    i18n (0.8.0)
    mime-types (3.1)
      mime-types-data (~> 3.2015)
    mime-types-data (3.2016.0521)
    minitest (5.10.1)
    mustermann (0.4.0)
      tool (~> 0.2)
    netrc (0.11.0)
    pg (0.19.0)
    puma (3.7.0)
    rack (2.0.1)
    rake (12.0.0)
    rest-client (2.0.0)
      http-cookie (>= 1.0.2, < 2.0)
      mime-types (>= 1.16, < 4.0)
      netrc (~> 0.8)
    rspec (3.5.0)
      rspec-core (~> 3.5.0)
      rspec-expectations (~> 3.5.0)
      rspec-mocks (~> 3.5.0)
    rspec-core (3.5.4)
      rspec-support (~> 3.5.0)
    rspec-expectations (3.5.0)
      diff-lcs (>= 1.2.0, < 2.0)
      rspec-support (~> 3.5.0)
    rspec-mocks (3.5.0)
      diff-lcs (>= 1.2.0, < 2.0)
      rspec-support (~> 3.5.0)
    rspec-support (3.5.0)
    thread_safe (0.3.5)
    tool (0.2.3)
    tzinfo (1.2.2)
      thread_safe (~> 0.1)
    unf (0.1.4)
      unf_ext
    unf_ext (0.0.7.2)

PLATFORMS
  ruby

DEPENDENCIES
  activerecord (~> 5.0.1)
  byebug
  database_cleaner (~> 1.5.3)
  factory_girl (~> 4.8.0)
  mustermann (~> 0.4.0)
  pg (~> 0.19.0)
  puma (~> 3.7.0)
  rack (~> 2.0.1)
  rake (~> 12.0.0)
  rest-client (~> 2.0.0)
  rspec (~> 3.5.0)

BUNDLED WITH
   1.14.2
